GEM
  remote: https://rubygems.org/
  specs:
    coderay (1.1.1)
    rack (2.0.3)
    rack-spyup (0.1.0)
      coderay
      rack (>= 1.4)

PLATFORMS
  ruby

DEPENDENCIES
  rack-spyup

BUNDLED WITH
   1.14.6
